PATH
  remote: .
  specs:
    wasm_dev_kit (0.1.0)
      ruby_wasm (~> 2.7)

GEM
  remote: https://rubygems.org/
  specs:
    rake (13.2.1)
    ruby_wasm (2.7.0)
    ruby_wasm (2.7.0-arm64-darwin)

PLATFORMS
  arm64-darwin-23
  ruby

DEPENDENCIES
  rake (~> 13.0)
  wasm_dev_kit!

BUNDLED WITH
   2.5.22
